GEM
  remote: https://rubygems.org/
  specs:
    chunky_png (1.3.11)
    left-pad (1.1.0)
    rqrcode (0.10.1)
      chunky_png (~> 1.0)

PLATFORMS
  ruby

DEPENDENCIES
  left-pad (~> 1.1)
  rqrcode (~> 0.10.1)

BUNDLED WITH
   2.0.1
